PATH
  remote: .
  specs:
    hob (0.1.0)
      daemons
      rvm
      sequel
      sinatra
      slop
      sqlite3

GEM
  remote: https://rubygems.org/
  specs:
    coderay (1.1.0)
    daemons (1.1.9)
    method_source (0.8.2)
    pry (0.8.3)
      coderay (>= 0.9.7)
      method_source (>= 0.4.0)
      ruby_parser (>= 2.0.5)
      slop (>= 1.5.3)
    rack (1.6.0)
    rack-protection (1.5.3)
      rack
    ruby_parser (3.6.4)
      sexp_processor (~> 4.1)
    rvm (1.11.3.9)
    sequel (4.18.0)
    sexp_processor (4.4.5)
    sinatra (1.4.5)
      rack (~> 1.4)
      rack-protection (~> 1.4)
      tilt (~> 1.3, >= 1.3.4)
    slop (4.0.0)
    sqlite3 (1.3.10)
    tilt (1.4.1)

PLATFORMS
  ruby

DEPENDENCIES
  hob!
  pry
