PATH
  remote: .
  specs:
    hob (0.1.0)
      daemons
      rvm
      sequel
      sinatra
      slop

GEM
  remote: https://rubygems.org/
  specs:
    daemons (1.1.9)
    rack (1.6.0)
    rack-protection (1.5.3)
      rack
    rvm (1.11.3.9)
    sequel (4.18.0)
    sinatra (1.4.5)
      rack (~> 1.4)
      rack-protection (~> 1.4)
      tilt (~> 1.3, >= 1.3.4)
    slop (4.0.0)
    tilt (1.4.1)

PLATFORMS
  ruby

DEPENDENCIES
  hob!
