PATH
  remote: .
  specs:
    hob (0.1.0)
      bcrypt
      daemons
      mustermann
      sequel
      sinatra
      sqlite3
      thor
      warden

GEM
  remote: https://rubygems.org/
  specs:
    bcrypt (3.1.10)
    coderay (1.1.0)
    daemons (1.1.9)
    method_source (0.8.2)
    mustermann (0.4.0)
      tool (~> 0.2)
    pry (0.10.1)
      coderay (~> 1.1.0)
      method_source (~> 0.8.1)
      slop (~> 3.4)
    rack (1.6.0)
    rack-protection (1.5.3)
      rack
    sequel (4.19.0)
    sinatra (1.4.5)
      rack (~> 1.4)
      rack-protection (~> 1.4)
      tilt (~> 1.3, >= 1.3.4)
    slop (3.6.0)
    sqlite3 (1.3.10)
    thor (0.19.1)
    tilt (1.4.1)
    tool (0.2.3)
    warden (1.2.3)
      rack (>= 1.0)

PLATFORMS
  ruby

DEPENDENCIES
  hob!
  pry (~> 0.10.1)
